GEM
  remote: https://rubygems.org/
  specs:
    builder (3.2.3)
    erubis (2.7.0)
    excon (0.57.0)
    fog-aws (1.4.0)
      fog-core (~> 1.38)
      fog-json (~> 1.0)
      fog-xml (~> 0.1)
      ipaddress (~> 0.8)
    fog-core (1.44.3)
      builder
      excon (~> 0.49)
      formatador (~> 0.2)
    fog-json (1.0.2)
      fog-core (~> 1.0)
      multi_json (~> 1.10)
    fog-xml (0.1.3)
      fog-core
      nokogiri (>= 1.5.11, < 2.0.0)
    formatador (0.2.5)
    heroics (0.0.23)
      erubis (~> 2.0)
      excon
      multi_json (>= 1.9.2)
    ipaddress (0.8.3)
    mime-types (1.25.1)
    mini_portile2 (2.2.0)
    moneta (0.8.1)
    multi_json (1.11.2)
    nokogiri (1.8.0)
      mini_portile2 (~> 2.2.0)
    platform-api (2.1.0)
      heroics (~> 0.0.23)
      moneta (~> 0.8.1)
    rake (12.0.0)
    rdoc (5.1.0)
    rest-client (1.6.8)
      mime-types (~> 1.16)
      rdoc (>= 2.4.2)

PLATFORMS
  ruby

DEPENDENCIES
  excon
  fog-aws
  platform-api
  rake
  rest-client

RUBY VERSION
   ruby 2.6.5p114

BUNDLED WITH
   2.0.2
